GIT
  remote: git://github.com/ghempton/ember-script-rails.git
  revision: 9a1f09b0c53bf51c37c35490cc76cd7dfe461234
  specs:
    ember_script-rails (0.0.3)
      ember_script (>= 0.0.4)
      rails

GIT
  remote: git://github.com/meelash/ember-bootstrap-rails.git
  revision: 6dfa591e3c9c6819e0d2993b6e4992f2aaa41624
  specs:
    ember-bootstrap-rails (0.0.4)
      rails (>= 3.1.0)

GIT
  remote: git://github.com/rails-api/active_model_serializers.git
  revision: e185becd5d007da2f951d1f88c8872a2deb929e5
  specs:
    active_model_serializers (0.9.0.alpha1)
      activemodel (>= 3.2)

GEM
  remote: https://rubygems.org/
  specs:
    actionmailer (4.1.4)
      actionpack (= 4.1.4)
      actionview (= 4.1.4)
      mail (~> 2.5.4)
    actionpack (4.1.4)
      actionview (= 4.1.4)
      activesupport (= 4.1.4)
      rack (~> 1.5.2)
      rack-test (~> 0.6.2)
    actionview (4.1.4)
      activesupport (= 4.1.4)
      builder (~> 3.1)
      erubis (~> 2.7.0)
    activemodel (4.1.4)
      activesupport (= 4.1.4)
      builder (~> 3.1)
    activerecord (4.1.4)
      activemodel (= 4.1.4)
      activesupport (= 4.1.4)
      arel (~> 5.0.0)
    activesupport (4.1.4)
      i18n (~> 0.6, >= 0.6.9)
      json (~> 1.7, >= 1.7.7)
      minitest (~> 5.1)
      thread_safe (~> 0.1)
      tzinfo (~> 1.1)
    arel (5.0.1.20140414130214)
    barber (0.4.2)
      ember-source
      execjs
      handlebars-source
    bootstrap-sass (3.2.0.0)
      sass (~> 3.2)
    builder (3.2.2)
    chunky_png (1.3.1)
    coffee-rails (4.0.1)
      coffee-script (>= 2.2.0)
      railties (>= 4.0.0, < 5.0)
    coffee-script (2.2.0)
      coffee-script-source
      execjs
    coffee-script-source (1.7.0)
    columnize (0.8.9)
    compass (0.12.6)
      chunky_png (~> 1.2)
      fssm (>= 0.2.7)
      sass (~> 3.2.19)
    compass-rails (1.1.6)
      compass (>= 0.12.2)
    daemons (1.1.9)
    debugger (1.6.8)
      columnize (>= 0.3.1)
      debugger-linecache (~> 1.2.0)
      debugger-ruby_core_source (~> 1.3.5)
    debugger-linecache (1.2.0)
    debugger-ruby_core_source (1.3.5)
    ember-data-source (1.0.0.beta.8)
      ember-source
    ember-rails (0.15.0)
      active_model_serializers
      barber (>= 0.4.1)
      ember-data-source (>= 1.0.0.beta.5)
      ember-source (>= 1.1.0)
      execjs (>= 1.2)
      handlebars-source (> 1.0.0)
      jquery-rails (>= 1.0.17)
      railties (>= 3.1)
    ember-source (1.5.0)
      handlebars-source (~> 1.0)
    ember_script (0.0.5)
      ember_script-source (>= 0.0.2)
      execjs
      tilt
    ember_script-source (0.0.14)
    erubis (2.7.0)
    eventmachine (1.0.3)
    execjs (2.2.1)
    fssm (0.2.10)
    handlebars-source (1.3.0)
    handlebars_assets (0.17.1)
      execjs (>= 1.2.9)
      multi_json
      sprockets (>= 2.0.3)
      tilt
    hike (1.2.3)
    i18n (0.6.9)
    jquery-rails (3.1.1)
      railties (>= 3.0, < 5.0)
      thor (>= 0.14, < 2.0)
    json (1.8.1)
    mail (2.5.4)
      mime-types (~> 1.16)
      treetop (~> 1.4.8)
    mime-types (1.25.1)
    minitest (5.3.5)
    multi_json (1.10.1)
    pg (0.17.1)
    polyglot (0.3.5)
    quiet_assets (1.0.3)
      railties (>= 3.1, < 5.0)
    rack (1.5.2)
    rack-test (0.6.2)
      rack (>= 1.0)
    rails (4.1.4)
      actionmailer (= 4.1.4)
      actionpack (= 4.1.4)
      actionview (= 4.1.4)
      activemodel (= 4.1.4)
      activerecord (= 4.1.4)
      activesupport (= 4.1.4)
      bundler (>= 1.3.0, < 2.0)
      railties (= 4.1.4)
      sprockets-rails (~> 2.0)
    rails-api (0.2.1)
      actionpack (>= 3.2.11)
      railties (>= 3.2.11)
    railties (4.1.4)
      actionpack (= 4.1.4)
      activesupport (= 4.1.4)
      rake (>= 0.8.7)
      thor (>= 0.18.1, < 2.0)
    rake (10.3.2)
    sass (3.2.19)
    sass-rails (4.0.1)
      railties (>= 4.0.0, < 5.0)
      sass (>= 3.1.10)
      sprockets-rails (~> 2.0.0)
    sprockets (2.12.1)
      hike (~> 1.2)
      multi_json (~> 1.0)
      rack (~> 1.0)
      tilt (~> 1.1, != 1.3.0)
    sprockets-rails (2.0.1)
      actionpack (>= 3.0)
      activesupport (>= 3.0)
      sprockets (~> 2.8)
    sqlite3 (1.3.9)
    thin (1.6.2)
      daemons (>= 1.0.9)
      eventmachine (>= 1.0.0)
      rack (>= 1.0.0)
    thor (0.19.1)
    thread_safe (0.3.4)
    tilt (1.4.1)
    treetop (1.4.15)
      polyglot
      polyglot (>= 0.3.1)
    tzinfo (1.2.1)
      thread_safe (~> 0.1)
    uglifier (2.5.1)
      execjs (>= 0.3.0)
      json (>= 1.8.0)

PLATFORMS
  ruby

DEPENDENCIES
  active_model_serializers!
  bootstrap-sass
  coffee-rails
  compass-rails
  debugger
  ember-bootstrap-rails!
  ember-rails
  ember-source (= 1.5.0)
  ember_script-rails!
  handlebars_assets
  jquery-rails
  pg
  quiet_assets
  rails (~> 4)
  rails-api
  sass-rails
  sqlite3
  thin
  uglifier
